GEM
  remote: http://rubygems.org/
  specs:
    ast (2.4.0)
    awesome_print (1.8.0)
    backports (3.15.0)
    builder (3.2.4)
    childprocess (0.9.0)
      ffi (~> 1.0, >= 1.0.11)
    colorize (0.8.1)
    connection_pool (2.2.2)
    cucumber (3.1.2)
      builder (>= 2.1.2)
      cucumber-core (~> 3.2.0)
      cucumber-expressions (~> 6.0.1)
      cucumber-wire (~> 0.0.1)
      diff-lcs (~> 1.3)
      gherkin (~> 5.1.0)
      multi_json (>= 1.7.5, < 2.0)
      multi_test (>= 0.1.2)
    cucumber-core (3.2.1)
      backports (>= 3.8.0)
      cucumber-tag_expressions (~> 1.1.0)
      gherkin (~> 5.0)
    cucumber-expressions (6.0.1)
    cucumber-tag_expressions (1.1.1)
    cucumber-wire (0.0.1)
    diff-lcs (1.3)
    docile (1.3.2)
    domain_name (0.5.20190701)
      unf (>= 0.0.5, < 1.0.0)
    ffi (1.12.1)
    gherkin (5.1.0)
    http-cookie (1.0.3)
      domain_name (~> 0.5)
    jaro_winkler (1.5.4)
    json (2.3.0)
    mechanize (2.7.6)
      domain_name (~> 0.5, >= 0.5.1)
      http-cookie (~> 1.0)
      mime-types (>= 1.17.2)
      net-http-digest_auth (~> 1.1, >= 1.1.1)
      net-http-persistent (>= 2.5.2)
      nokogiri (~> 1.6)
      ntlm-http (~> 0.1, >= 0.1.1)
      webrobots (>= 0.0.9, < 0.2)
    mime-types (3.3.1)
      mime-types-data (~> 3.2015)
    mime-types-data (3.2019.1009)
    mini_portile2 (2.5.1)
    multi_json (1.14.1)
    multi_test (0.1.2)
    net-http-digest_auth (1.4.1)
    net-http-persistent (3.1.0)
      connection_pool (~> 2.2)
    nokogiri (1.11.4)
      mini_portile2 (~> 2.5.0)
      racc (~> 1.4)
    ntlm-http (0.1.1)
    parallel (1.19.1)
    parser (2.7.0.2)
      ast (~> 2.4.0)
    racc (1.5.2)
    rainbow (3.0.0)
    rake (12.3.2)
    retriable (3.1.2)
    rspec (3.8.0)
      rspec-core (~> 3.8.0)
      rspec-expectations (~> 3.8.0)
      rspec-mocks (~> 3.8.0)
    rspec-core (3.8.2)
      rspec-support (~> 3.8.0)
    rspec-expectations (3.8.6)
      diff-lcs (>= 1.2.0, < 2.0)
      rspec-support (~> 3.8.0)
    rspec-mocks (3.8.2)
      diff-lcs (>= 1.2.0, < 2.0)
      rspec-support (~> 3.8.0)
    rspec-support (3.8.3)
    rubocop (0.79.0)
      jaro_winkler (~> 1.5.1)
      parallel (~> 1.10)
      parser (>= 2.7.0.1)
      rainbow (>= 2.2.2, < 4.0)
      ruby-progressbar (~> 1.7)
      unicode-display_width (>= 1.4.0, < 1.7)
    rubocop-checkstyle_formatter (0.4.0)
      rubocop (>= 0.35.1)
    ruby-progressbar (1.10.1)
    rubyzip (1.3.0)
    selendroid (0.4.0)
      awesome_print
      colorize
      json
      retriable
      selenium-webdriver
    selenium-webdriver (3.14.1)
      childprocess (~> 0.5)
      rubyzip (~> 1.2, >= 1.2.2)
    simplecov (0.17.1)
      docile (~> 1.1)
      json (>= 1.8, < 3)
      simplecov-html (~> 0.10.0)
    simplecov-html (0.10.2)
    unf (0.1.4)
      unf_ext
    unf_ext (0.0.7.6)
    unicode-display_width (1.6.1)
    webrobots (0.1.2)

PLATFORMS
  ruby

DEPENDENCIES
  cucumber (= 3.1.2)
  mechanize
  rake (= 12.3.2)
  rspec (= 3.8.0)
  rubocop-checkstyle_formatter
  selendroid
  selenium-webdriver (= 3.14.1)
  simplecov

BUNDLED WITH
   1.17.3
